GEM
  remote: https://rubygems.org/
  specs:
    actioncable (5.1.1)
      actionpack (= 5.1.1)
      nio4r (~> 2.0)
      websocket-driver (~> 0.6.1)
    actionmailer (5.1.1)
      actionpack (= 5.1.1)
      actionview (= 5.1.1)
      activejob (= 5.1.1)
      mail (~> 2.5, >= 2.5.4)
      rails-dom-testing (~> 2.0)
    actionpack (5.1.1)
      actionview (= 5.1.1)
      activesupport (= 5.1.1)
      rack (~> 2.0)
      rack-test (~> 0.6.3)
      rails-dom-testing (~> 2.0)
      rails-html-sanitizer (~> 1.0, >= 1.0.2)
    actionview (5.1.1)
      activesupport (= 5.1.1)
      builder (~> 3.1)
      erubi (~> 1.4)
      rails-dom-testing (~> 2.0)
      rails-html-sanitizer (~> 1.0, >= 1.0.3)
    activejob (5.1.1)
      activesupport (= 5.1.1)
      globalid (>= 0.3.6)
    activemodel (5.1.1)
      activesupport (= 5.1.1)
    activerecord (5.1.1)
      activemodel (= 5.1.1)
      activesupport (= 5.1.1)
      arel (~> 8.0)
    activesupport (5.1.1)
      concurrent-ruby (~> 1.0, >= 1.0.2)
      i18n (~> 0.7)
      minitest (~> 5.1)
      tzinfo (~> 1.1)
    addressable (2.4.0)
    airbrussh (1.3.0)
      sshkit (>= 1.6.1, != 1.7.0)
    arel (8.0.0)
    ast (2.3.0)
    autoprefixer-rails (7.1.1)
      execjs
    bindex (0.5.0)
    bootstrap (4.0.0.alpha6)
      autoprefixer-rails (>= 6.0.3)
      sass (>= 3.4.19)
    builder (3.2.3)
    bundler-audit (0.5.0)
      bundler (~> 1.2)
      thor (~> 0.18)
    byebug (9.0.6)
    capistrano (3.8.2)
      airbrussh (>= 1.0.0)
      i18n
      rake (>= 10.0.0)
      sshkit (>= 1.9.0)
    capistrano-bundle_audit (0.2.1)
      bundler-audit (~> 0.5)
      capistrano (~> 3.0)
    capistrano-bundler (1.2.0)
      capistrano (~> 3.1)
      sshkit (~> 1.2)
    capistrano-one_time_key (0.0.1)
      capistrano (~> 3.0)
    capistrano-passenger (0.2.0)
      capistrano (~> 3.0)
    capistrano-rails (1.3.0)
      capistrano (~> 3.1)
      capistrano-bundler (~> 1.1)
    capistrano-shared_configs (0.2.2)
    capybara (2.14.0)
      addressable
      mime-types (>= 1.16)
      nokogiri (>= 1.3.3)
      rack (>= 1.0.0)
      rack-test (>= 0.5.4)
      xpath (~> 2.0)
    chronic (0.10.2)
    cliver (0.3.2)
    coffee-rails (4.2.2)
      coffee-script (>= 2.2.0)
      railties (>= 4.0.0)
    coffee-script (2.4.1)
      coffee-script-source
      execjs
    coffee-script-source (1.12.2)
    concurrent-ruby (1.0.5)
    config (1.4.0)
      activesupport (>= 3.0)
      deep_merge (~> 1.1.1)
    coveralls (0.8.21)
      json (>= 1.8, < 3)
      simplecov (~> 0.14.1)
      term-ansicolor (~> 1.3)
      thor (~> 0.19.4)
      tins (~> 1.6)
    crack (0.4.3)
      safe_yaml (~> 1.0.0)
    deep_merge (1.1.1)
    descendants_tracker (0.0.4)
      thread_safe (~> 0.3, >= 0.3.1)
    diff-lcs (1.3)
    dlss-capistrano (3.4.1)
      capistrano (~> 3.0)
      capistrano-bundle_audit (>= 0.1.0)
      capistrano-one_time_key
      capistrano-shared_configs
    docile (1.1.5)
    domain_name (0.5.20170404)
      unf (>= 0.0.5, < 1.0.0)
    erubi (1.6.0)
    execjs (2.7.0)
    factory_girl (4.8.0)
      activesupport (>= 3.0.0)
    factory_girl_rails (4.8.0)
      factory_girl (~> 4.8.0)
      railties (>= 3.0.0)
    faraday (0.9.2)
      multipart-post (>= 1.2, < 3)
    ffi (1.9.18)
    friendly_id (5.2.1)
      activerecord (>= 4.0.0)
    github_api (0.17.0)
      addressable (~> 2.4.0)
      descendants_tracker (~> 0.0.4)
      faraday (~> 0.8, < 0.10)
      hashie (>= 3.4)
      mime-types (>= 1.16, < 3.0)
      oauth2 (~> 1.0)
    globalid (0.4.0)
      activesupport (>= 4.2.0)
    hashdiff (0.3.4)
    hashie (3.5.5)
    honeybadger (3.1.0)
    honeybadger-api (2.1.0)
      json
    http-cookie (1.0.3)
      domain_name (~> 0.5)
    httparty (0.14.0)
      multi_xml (>= 0.5.2)
    i18n (0.8.1)
    jbuilder (2.6.4)
      activesupport (>= 3.0.0)
      multi_json (>= 1.2)
    jquery-rails (4.3.1)
      rails-dom-testing (>= 1, < 3)
      railties (>= 4.2.0)
      thor (>= 0.14, < 2.0)
    json (2.1.0)
    jwt (1.5.6)
    launchy (2.4.3)
      addressable (~> 2.3)
    libv8 (3.16.14.19)
    listen (3.1.5)
      rb-fsevent (~> 0.9, >= 0.9.4)
      rb-inotify (~> 0.9, >= 0.9.7)
      ruby_dep (~> 1.2)
    loofah (2.0.3)
      nokogiri (>= 1.5.9)
    mail (2.6.5)
      mime-types (>= 1.16, < 4)
    method_source (0.8.2)
    mime-types (2.99.3)
    mini_portile2 (2.1.0)
    minitest (5.10.2)
    multi_json (1.12.1)
    multi_xml (0.6.0)
    multipart-post (2.0.0)
    net-scp (1.2.1)
      net-ssh (>= 2.6.5)
    net-ssh (4.1.0)
    netrc (0.11.0)
    nio4r (2.1.0)
    nokogiri (1.7.2)
      mini_portile2 (~> 2.1.0)
    oauth2 (1.3.1)
      faraday (>= 0.8, < 0.12)
      jwt (~> 1.0)
      multi_json (~> 1.3)
      multi_xml (~> 0.5)
      rack (>= 1.2, < 3)
    parallel (1.11.2)
    parser (2.4.0.0)
      ast (~> 2.2)
    pg (0.20.0)
    poltergeist (1.15.0)
      capybara (~> 2.1)
      cliver (~> 0.3.1)
      websocket-driver (>= 0.2.0)
    powerpack (0.1.1)
    puma (3.8.2)
    puppetdb-ruby (0.0.1)
      httparty
    rack (2.0.3)
    rack-test (0.6.3)
      rack (>= 1.0)
    rails (5.1.1)
      actioncable (= 5.1.1)
      actionmailer (= 5.1.1)
      actionpack (= 5.1.1)
      actionview (= 5.1.1)
      activejob (= 5.1.1)
      activemodel (= 5.1.1)
      activerecord (= 5.1.1)
      activesupport (= 5.1.1)
      bundler (>= 1.3.0, < 2.0)
      railties (= 5.1.1)
      sprockets-rails (>= 2.0.0)
    rails-controller-testing (1.0.2)
      actionpack (~> 5.x, >= 5.0.1)
      actionview (~> 5.x, >= 5.0.1)
      activesupport (~> 5.x)
    rails-dom-testing (2.0.3)
      activesupport (>= 4.2.0)
      nokogiri (>= 1.6)
    rails-html-sanitizer (1.0.3)
      loofah (~> 2.0)
    railties (5.1.1)
      actionpack (= 5.1.1)
      activesupport (= 5.1.1)
      method_source
      rake (>= 0.8.7)
      thor (>= 0.18.1, < 2.0)
    rainbow (2.2.2)
      rake
    rake (12.0.0)
    rb-fsevent (0.9.8)
    rb-inotify (0.9.8)
      ffi (>= 0.5.0)
    rbvmomi (1.11.3)
      builder (~> 3.0)
      json (>= 1.8)
      nokogiri (~> 1.5)
      trollop (~> 2.1)
    ref (2.0.0)
    rest-client (2.0.2)
      http-cookie (>= 1.0.2, < 2.0)
      mime-types (>= 1.16, < 4.0)
      netrc (~> 0.8)
    rspec-core (3.6.0)
      rspec-support (~> 3.6.0)
    rspec-expectations (3.6.0)
      diff-lcs (>= 1.2.0, < 2.0)
      rspec-support (~> 3.6.0)
    rspec-mocks (3.6.0)
      diff-lcs (>= 1.2.0, < 2.0)
      rspec-support (~> 3.6.0)
    rspec-rails (3.6.0)
      actionpack (>= 3.0)
      activesupport (>= 3.0)
      railties (>= 3.0)
      rspec-core (~> 3.6.0)
      rspec-expectations (~> 3.6.0)
      rspec-mocks (~> 3.6.0)
      rspec-support (~> 3.6.0)
    rspec-support (3.6.0)
    rubocop (0.49.1)
      parallel (~> 1.10)
      parser (>= 2.3.3.1, < 3.0)
      powerpack (~> 0.1)
      rainbow (>= 1.99.1, < 3.0)
      ruby-progressbar (~> 1.7)
      unicode-display_width (~> 1.0, >= 1.0.1)
    rubocop-rails (0.4.0)
      rubocop (~> 0.49)
    rubocop-rspec (1.15.1)
      rubocop (>= 0.42.0)
    ruby-progressbar (1.8.1)
    ruby_dep (1.5.0)
    safe_yaml (1.0.4)
    sass (3.4.24)
    sass-rails (5.0.6)
      railties (>= 4.0.0, < 6)
      sass (~> 3.1)
      sprockets (>= 2.8, < 4.0)
      sprockets-rails (>= 2.0, < 4.0)
      tilt (>= 1.1, < 3)
    shoulda-matchers (2.8.0)
      activesupport (>= 3.0.0)
    simplecov (0.14.1)
      docile (~> 1.1.0)
      json (>= 1.8, < 3)
      simplecov-html (~> 0.10.0)
    simplecov-html (0.10.1)
    sprockets (3.7.1)
      concurrent-ruby (~> 1.0)
      rack (> 1, < 3)
    sprockets-rails (3.2.0)
      actionpack (>= 4.0)
      activesupport (>= 4.0)
      sprockets (>= 3.0.0)
    sshkit (1.14.0)
      net-scp (>= 1.1.2)
      net-ssh (>= 2.8.0)
    term-ansicolor (1.6.0)
      tins (~> 1.0)
    therubyracer (0.12.3)
      libv8 (~> 3.16.14.15)
      ref
    thor (0.19.4)
    thread_safe (0.3.6)
    tilt (2.0.7)
    tins (1.14.0)
    trollop (2.1.2)
    turbolinks (5.0.1)
      turbolinks-source (~> 5)
    turbolinks-source (5.0.3)
    tzinfo (1.2.3)
      thread_safe (~> 0.1)
    uglifier (3.2.0)
      execjs (>= 0.3.0, < 3)
    unf (0.1.4)
      unf_ext
    unf_ext (0.0.7.4)
    unicode-display_width (1.2.1)
    web-console (3.5.1)
      actionview (>= 5.0)
      activemodel (>= 5.0)
      bindex (>= 0.4.0)
      railties (>= 5.0)
    webmock (3.0.1)
      addressable (>= 2.3.6)
      crack (>= 0.3.2)
      hashdiff
    websocket-driver (0.6.5)
      websocket-extensions (>= 0.1.0)
    websocket-extensions (0.1.2)
    whenever (0.9.7)
      chronic (>= 0.6.3)
    xpath (2.1.0)
      nokogiri (~> 1.3)

PLATFORMS
  ruby

DEPENDENCIES
  bootstrap
  byebug
  capistrano
  capistrano-bundler
  capistrano-passenger (~> 0.2.0)
  capistrano-rails
  capybara
  coffee-rails (~> 4.2)
  config
  coveralls
  dlss-capistrano
  factory_girl_rails
  friendly_id
  github_api
  honeybadger
  honeybadger-api
  jbuilder (~> 2.5)
  jquery-rails
  json
  launchy
  listen (>= 3.0.5, < 3.2)
  pg
  poltergeist
  puma (~> 3.7)
  puppetdb-ruby
  rails (~> 5.1.1)
  rails-controller-testing
  rest-client
  rbvmomi
  rspec-rails
  rubocop
  rubocop-rails
  rubocop-rspec
  sass-rails (~> 5.0)
  shoulda-matchers
  therubyracer
  turbolinks (~> 5)
  tzinfo-data
  uglifier (>= 1.3.0)
  web-console (>= 3.3.0)
  webmock
  whenever

BUNDLED WITH
   1.15.3
